GEM
  remote: https://rubygems.org/
  specs:
    addressable (2.3.7)
    bitbucket_rest_api (0.1.5)
      faraday (~> 0.8.1)
      faraday_middleware (~> 0.9.0)
      hashie (~> 2.0.5)
      multi_json (~> 1.3)
      nokogiri (>= 1.5.2)
      simple_oauth
    faraday (0.8.9)
      multipart-post (~> 1.2.0)
    faraday_middleware (0.9.1)
      faraday (>= 0.7.4, < 0.10)
    foreman (0.78.0)
      thor (~> 0.19.1)
    hashie (2.0.5)
    mini_portile (0.6.2)
    multi_json (1.11.0)
    multipart-post (1.2.0)
    nokogiri (1.6.6.2)
      mini_portile (~> 0.6.0)
    octokit (3.8.0)
      sawyer (~> 0.6.0, >= 0.5.3)
    sawyer (0.6.0)
      addressable (~> 2.3.5)
      faraday (~> 0.8, < 0.10)
    simple_oauth (0.3.1)
    thor (0.19.1)

PLATFORMS
  ruby

DEPENDENCIES
  bitbucket_rest_api
  foreman
  octokit
  thor
